GIT
  remote: https://github.groupondev.com/sonoma/sonoma-colorizer.git
  revision: 5a91f14d340867d2f289005062074fe1a13e1845
  specs:
    sonoma-colorizer (0.0.1)

GIT
  remote: https://github.groupondev.com/sonoma/sonoma-dottablehash.git
  revision: a8c1d1721679d1620a4efaf49953efb0315b3434
  specs:
    sonoma-dottablehash (0.0.1)

GIT
  remote: https://github.groupondev.com/sonoma/sonoma-monitor.git
  revision: 9ec35530385cd8459e2684932574bbf79f85e3bf
  specs:
    sonoma-monitor (0.2.2)
      rack (~> 1)

GIT
  remote: https://github.groupondev.com/sonoma/sonoma-remote.git
  revision: f09af5980938e2a45dae53857a7719d109d85ef5
  specs:
    sonoma-remote (0.0.1)
      capistrano (>= 3.4.0)
      hipchat

GIT
  remote: https://github.groupondev.com/sonoma/sonoma-request-id.git
  revision: 5265c69431331b596b711f1b13e71fd1406e2fe4
  specs:
    sonoma-request-id (0.0.1)
      rack (~> 1)

GEM
  remote: https://rubygems.org/
  specs:
    activesupport (4.2.3)
      i18n (~> 0.7)
      json (~> 1.7, >= 1.7.7)
      minitest (~> 5.1)
      thread_safe (~> 0.3, >= 0.3.4)
      tzinfo (~> 1.1)
    addressable (2.3.8)
    ast (2.0.0)
    astrolabe (1.3.1)
      parser (~> 2.2)
    awesome_print (1.6.1)
    axiom-types (0.1.1)
      descendants_tracker (~> 0.0.4)
      ice_nine (~> 0.11.0)
      thread_safe (~> 0.3, >= 0.3.1)
    builder (3.2.2)
    bundler-audit (0.4.0)
      bundler (~> 1.2)
      thor (~> 0.18)
    byebug (5.0.0)
      columnize (= 0.9.0)
    capistrano (3.4.0)
      i18n
      rake (>= 10.0.0)
      sshkit (~> 1.3)
    coercible (1.0.0)
      descendants_tracker (~> 0.0.1)
    colorize (0.7.7)
    columnize (0.9.0)
    crack (0.4.2)
      safe_yaml (~> 1.0.0)
    database_cleaner (1.4.1)
    descendants_tracker (0.0.4)
      thread_safe (~> 0.3, >= 0.3.1)
    diff-lcs (1.2.5)
    dotenv (2.0.2)
    equalizer (0.0.11)
    ethon (0.7.4)
      ffi (>= 1.3.0)
    excon (0.45.4)
    factory_girl (4.5.0)
      activesupport (>= 3.0.0)
    faraday (0.9.1)
      multipart-post (>= 1.2, < 3)
    faraday_middleware (0.10.0)
      faraday (>= 0.7.4, < 0.10)
    ffi (1.9.10)
    grape (0.12.0)
      activesupport
      builder
      hashie (>= 2.1.0)
      multi_json (>= 1.3.2)
      multi_xml (>= 0.5.2)
      rack (>= 1.3.0)
      rack-accept
      rack-mount
      virtus (>= 1.0.0)
    hashie (3.4.2)
    hipchat (1.5.2)
      httparty
      mimemagic
    httparty (0.13.5)
      json (~> 1.8)
      multi_xml (>= 0.5.2)
    i18n (0.7.0)
    ice_nine (0.11.1)
    json (1.8.3)
    mimemagic (0.3.0)
    minitest (5.7.0)
    multi_json (1.11.2)
    multi_xml (0.5.5)
    multipart-post (2.0.0)
    net-scp (1.2.1)
      net-ssh (>= 2.6.5)
    net-ssh (2.9.2)
    oj (2.12.14)
    parser (2.2.2.6)
      ast (>= 1.1, < 3.0)
    powerpack (0.1.1)
    puma (2.12.2)
    rack (1.6.4)
    rack-accept (0.4.5)
      rack (>= 0.4)
    rack-cors (0.4.0)
    rack-mount (0.8.3)
      rack (>= 1.0.0)
    rack-test (0.6.3)
      rack (>= 1.0)
    rainbow (2.0.0)
    rake (10.4.2)
    representable (2.3.0)
      uber (~> 0.0.7)
    rspec (3.3.0)
      rspec-core (~> 3.3.0)
      rspec-expectations (~> 3.3.0)
      rspec-mocks (~> 3.3.0)
    rspec-core (3.3.2)
      rspec-support (~> 3.3.0)
    rspec-expectations (3.3.1)
      diff-lcs (>= 1.2.0, < 2.0)
      rspec-support (~> 3.3.0)
    rspec-mocks (3.3.2)
      diff-lcs (>= 1.2.0, < 2.0)
      rspec-support (~> 3.3.0)
    rspec-support (3.3.0)
    rubocop (0.32.1)
      astrolabe (~> 1.3)
      parser (>= 2.2.2.5, < 3.0)
      powerpack (~> 0.1)
      rainbow (>= 1.99.1, < 3.0)
      ruby-progressbar (~> 1.4)
    ruby-progressbar (1.7.5)
    safe_yaml (1.0.4)
    shotgun (0.9.1)
      rack (>= 1.0)
    sshkit (1.7.1)
      colorize (>= 0.7.0)
      net-scp (>= 1.1.2)
      net-ssh (>= 2.8.0)
    thor (0.19.1)
    thread_safe (0.3.5)
    typhoeus (0.7.2)
      ethon (>= 0.7.4)
    tzinfo (1.2.2)
      thread_safe (~> 0.1)
    uber (0.0.15)
    uuidtools (2.1.5)
    vcr (2.9.3)
    virtus (1.0.5)
      axiom-types (~> 0.1)
      coercible (~> 1.0)
      descendants_tracker (~> 0.0, >= 0.0.3)
      equalizer (~> 0.0, >= 0.0.9)
    webmock (1.21.0)
      addressable (>= 2.3.6)
      crack (>= 0.3.2)

PLATFORMS
  ruby

DEPENDENCIES
  activesupport
  addressable
  awesome_print
  bundler-audit
  byebug
  capistrano (= 3.4.0)
  database_cleaner (~> 1.4.1)
  dotenv
  equalizer
  excon
  factory_girl
  faraday (~> 0.9.0)
  faraday_middleware
  grape
  multi_json
  oj
  puma
  rack-cors (~> 0.4.0)
  rack-test
  rake
  representable
  rspec
  rubocop
  shotgun
  sonoma-colorizer!
  sonoma-dottablehash!
  sonoma-monitor!
  sonoma-remote!
  sonoma-request-id!
  typhoeus (~> 0.7.1)
  uuidtools
  vcr
  virtus
  webmock
