GIT
  remote: git@github.groupondev.com:sonoma/sonoma-activerecord.git
  revision: 2e049ec3084c94d8e4dc2c2eef7c262f47c08c3a
  specs:
    sonoma-activerecord (0.0.2)
      activerecord (~> 4.2.0)

GIT
  remote: git@github.groupondev.com:sonoma/sonoma-authentication.git
  revision: 9fc707ed6207d81d822fa40eef8742138521fe2f
  specs:
    sonoma-authentication (0.0.1)
      rack (~> 1.6)

GIT
  remote: git@github.groupondev.com:sonoma/sonoma-colorizer.git
  revision: 5a91f14d340867d2f289005062074fe1a13e1845
  specs:
    sonoma-colorizer (0.0.1)

GIT
  remote: git@github.groupondev.com:sonoma/sonoma-dottablehash.git
  revision: a8c1d1721679d1620a4efaf49953efb0315b3434
  specs:
    sonoma-dottablehash (0.0.1)

GIT
  remote: git@github.groupondev.com:sonoma/sonoma-logger.git
  revision: 08e4eac59ae12da979cdf02468a0d3d1b7ba76ef
  specs:
    sonoma-logger (0.6.1)
      multi_json (~> 1.0)
      rack (~> 1)
      steno_logger (~> 0.3)

GIT
  remote: git@github.groupondev.com:sonoma/sonoma-monitor.git
  revision: 9ec35530385cd8459e2684932574bbf79f85e3bf
  specs:
    sonoma-monitor (0.2.2)
      rack (~> 1)

GIT
  remote: git@github.groupondev.com:sonoma/sonoma-request-id.git
  revision: 5265c69431331b596b711f1b13e71fd1406e2fe4
  specs:
    sonoma-request-id (0.0.1)
      rack (~> 1)

GIT
  remote: git@github.groupondev.com:steno/steno_ruby.git
  revision: 60eaf21cbc6543753b6197a1697837ec7132d9c6
  specs:
    steno_logger (0.6.1)
      json
      uuidtools

GEM
  remote: https://rubygems.org/
  specs:
    activemodel (4.2.1)
      activesupport (= 4.2.1)
      builder (~> 3.1)
    activerecord (4.2.1)
      activemodel (= 4.2.1)
      activesupport (= 4.2.1)
      arel (~> 6.0)
    activesupport (4.2.1)
      i18n (~> 0.7)
      json (~> 1.7, >= 1.7.7)
      minitest (~> 5.1)
      thread_safe (~> 0.3, >= 0.3.4)
      tzinfo (~> 1.1)
    arel (6.0.0)
    ast (2.0.0)
    astrolabe (1.3.0)
      parser (>= 2.2.0.pre.3, < 3.0)
    axiom-types (0.1.1)
      descendants_tracker (~> 0.0.4)
      ice_nine (~> 0.11.0)
      thread_safe (~> 0.3, >= 0.3.1)
    builder (3.2.2)
    bundler-audit (0.3.1)
      bundler (~> 1.2)
      thor (~> 0.18)
    byebug (4.0.5)
      columnize (= 0.9.0)
    coercible (1.0.0)
      descendants_tracker (~> 0.0.1)
    columnize (0.9.0)
    descendants_tracker (0.0.4)
      thread_safe (~> 0.3, >= 0.3.1)
    diff-lcs (1.2.5)
    dotenv (2.0.1)
    equalizer (0.0.11)
    grape (0.11.0)
      activesupport
      builder
      hashie (>= 2.1.0)
      multi_json (>= 1.3.2)
      multi_xml (>= 0.5.2)
      rack (>= 1.3.0)
      rack-accept
      rack-mount
      virtus (>= 1.0.0)
    hashie (3.4.1)
    i18n (0.7.0)
    ice_nine (0.11.1)
    json (1.8.2)
    minitest (5.6.0)
    multi_json (1.11.0)
    multi_xml (0.5.5)
    parser (2.2.2.0)
      ast (>= 1.1, < 3.0)
    pg (0.18.1)
    powerpack (0.1.0)
    puma (2.11.2)
      rack (>= 1.1, < 2.0)
    rack (1.6.0)
    rack-accept (0.4.5)
      rack (>= 0.4)
    rack-mount (0.8.3)
      rack (>= 1.0.0)
    rainbow (2.0.0)
    rake (10.4.2)
    rspec (3.2.0)
      rspec-core (~> 3.2.0)
      rspec-expectations (~> 3.2.0)
      rspec-mocks (~> 3.2.0)
    rspec-core (3.2.3)
      rspec-support (~> 3.2.0)
    rspec-expectations (3.2.1)
      diff-lcs (>= 1.2.0, < 2.0)
      rspec-support (~> 3.2.0)
    rspec-mocks (3.2.1)
      diff-lcs (>= 1.2.0, < 2.0)
      rspec-support (~> 3.2.0)
    rspec-support (3.2.2)
    rubocop (0.30.0)
      astrolabe (~> 1.3)
      parser (>= 2.2.0.1, < 3.0)
      powerpack (~> 0.1)
      rainbow (>= 1.99.1, < 3.0)
      ruby-progressbar (~> 1.4)
    ruby-progressbar (1.7.5)
    shotgun (0.9.1)
      rack (>= 1.0)
    thor (0.19.1)
    thread_safe (0.3.5)
    tzinfo (1.2.2)
      thread_safe (~> 0.1)
    uuidtools (2.1.5)
    virtus (1.0.5)
      axiom-types (~> 0.1)
      coercible (~> 1.0)
      descendants_tracker (~> 0.0, >= 0.0.3)
      equalizer (~> 0.0, >= 0.0.9)

PLATFORMS
  ruby

DEPENDENCIES
  activerecord (~> 4.2.0)
  bundler-audit
  byebug
  dotenv
  grape
  pg
  puma
  rake
  rspec
  rubocop
  shotgun
  sonoma-activerecord!
  sonoma-authentication!
  sonoma-colorizer!
  sonoma-dottablehash!
  sonoma-logger!
  sonoma-monitor!
  sonoma-request-id!
  steno_logger!
